GEM
  remote: https://rubygems.org/
  specs:
    activesupport (7.0.8)
      concurrent-ruby (~> 1.0, >= 1.0.2)
      i18n (>= 1.6, < 2)
      minitest (>= 5.1)
      tzinfo (~> 2.0)
    addressable (2.8.5)
      public_suffix (>= 2.0.2, < 6.0)
    concourse.rb (0.5.0)
      excon (~> 0.72)
      semantic (~> 1.5)
    concurrent-ruby (1.2.2)
    down (5.4.1)
      addressable (~> 2.8)
    excon (0.104.0)
    hamster (3.0.0)
      concurrent-ruby (~> 1.0)
    i18n (1.14.1)
      concurrent-ruby (~> 1.0)
    lino (3.1.0)
      hamster (~> 3.0)
      open4 (~> 1.3)
    minitar (0.9)
    minitest (5.20.0)
    open4 (1.3.4)
    public_suffix (5.0.3)
    rake (13.0.6)
    rake_dependencies (3.5.0)
      down (~> 5.3)
      hamster (~> 3.0)
      minitar (~> 0.9)
      rake_factory (~> 0.23)
      rubyzip (>= 1.3)
    rake_factory (0.31.0)
      activesupport (>= 4)
      rake (~> 13.0)
    rake_fly (2.13.0)
      concourse.rb (>= 0.4)
      rake_dependencies (~> 3.1)
      rake_factory (~> 0.29)
      ruby_fly (>= 0.35)
      semantic (~> 1.6)
    ruby_fly (0.39.0)
      lino (~> 3.0)
    rubyzip (2.3.2)
    semantic (1.6.1)
    tzinfo (2.0.6)
      concurrent-ruby (~> 1.0)

PLATFORMS
  arm64-darwin-22
  x86_64-linux

DEPENDENCIES
  rake (~> 13.0)
  rake_fly (~> 2.11)

BUNDLED WITH
   2.4.20
